GEM
  remote: https://rubygems.org/
  specs:
    bubble-wrap (1.9.5)
    motion-distance (0.2.3)
    motion-locman (0.3.0)
    rake (12.3.3)

PLATFORMS
  ruby

DEPENDENCIES
  bubble-wrap
  motion-distance
  motion-locman
  rake

BUNDLED WITH
   1.12.5
