GEM
  remote: https://rubygems.org/
  specs:
    bubble-wrap (1.9.5)
    motion-locman (0.3.0)
    rake (11.3.0)

PLATFORMS
  ruby

DEPENDENCIES
  bubble-wrap
  motion-locman
  rake

BUNDLED WITH
   1.12.5
