GEM
  remote: https://rubygems.org/
  specs:
    bubble-wrap (1.9.5)
    rake (11.3.0)

PLATFORMS
  ruby

DEPENDENCIES
  bubble-wrap
  rake

BUNDLED WITH
   1.12.5
